PATH
  remote: .
  specs:
    tailwind_form (0.0.0)

GEM
  remote: https://rubygems.org/
  specs:

PLATFORMS
  ruby

DEPENDENCIES
  tailwind_form!

BUNDLED WITH
   2.1.4
